GEM
  remote: http://rubygems.org/
  specs:
    addressable (2.2.6)
    contest (0.1.3)
    flay (1.4.3)
      ruby_parser (~> 2.0)
      sexp_processor (~> 3.0)
    flog (2.5.3)
      ruby_parser (~> 2.0)
      sexp_processor (~> 3.0)
    haml (3.1.3)
    json (1.6.1)
    launchy (2.0.5)
      addressable (~> 2.2.6)
    metaclass (0.0.1)
    mocha (0.10.0)
      metaclass (~> 0.0.1)
    multi_json (1.0.3)
    rack (1.3.5)
    rack-protection (1.1.4)
      rack
    rack-test (0.6.1)
      rack (>= 1.0)
    rake (0.9.2.2)
    rdoc (3.6.1)
    reek (1.2.8)
      ruby2ruby (~> 1.2)
      ruby_parser (~> 2.0)
      sexp_processor (~> 3.0)
    roodi (2.1.0)
      ruby_parser
    ruby2ruby (1.3.1)
      ruby_parser (~> 2.0)
      sexp_processor (~> 3.0)
    ruby_parser (2.3.1)
      sexp_processor (~> 3.0)
    sass (3.1.10)
    sequel (3.28.0)
    sexp_processor (3.0.7)
    simplecov (0.5.4)
      multi_json (~> 1.0.3)
      simplecov-html (~> 0.5.3)
    simplecov-html (0.5.3)
    sinatra (1.3.1)
      rack (~> 1.3, >= 1.3.4)
      rack-protection (~> 1.1, >= 1.1.2)
      tilt (~> 1.3, >= 1.3.3)
    sqlite3 (1.3.4)
    text_ferry (0.0.2)
      sequel (~> 3.28.0)
    tilt (1.3.3)

PLATFORMS
  ruby

DEPENDENCIES
  contest (~> 0.1.3)
  flay (~> 1.4.3)
  flog (~> 2.5.3)
  haml (~> 3.1.3)
  json (~> 1.6.1)
  launchy (~> 2.0.5)
  mocha (~> 0.10.0)
  rack-test (~> 0.6.1)
  rake (~> 0.9.2)
  rdoc (~> 3.6.1)
  reek (~> 1.2.8)
  roodi (~> 2.1.0)
  sass (~> 3.1.3)
  sequel (~> 3.28)
  simplecov (~> 0.5.4)
  sinatra (~> 1.3.1)
  sqlite3 (~> 1.3.4)
  text_ferry (~> 0.0.2)
